GEM
  remote: https://rubygems.org/
  specs:
    base64 (0.3.0)
    coderay (1.1.3)
    dotenv (2.8.1)
    method_source (1.1.0)
    mustermann (3.0.3)
      ruby2_keywords (~> 0.0.1)
    nio4r (2.7.4)
    pry (0.15.2)
      coderay (~> 1.1)
      method_source (~> 1.0)
    puma (6.6.0)
      nio4r (~> 2.0)
    rack (2.2.17)
    rack-protection (3.2.0)
      base64 (>= 0.1.0)
      rack (~> 2.2, >= 2.2.4)
    ruby2_keywords (0.0.5)
    sinatra (3.2.0)
      mustermann (~> 3.0)
      rack (~> 2.2, >= 2.2.4)
      rack-protection (= 3.2.0)
      tilt (~> 2.0)
    sinatra-cross_origin (0.4.0)
    tilt (2.6.0)

PLATFORMS
  arm64-darwin-24
  ruby

DEPENDENCIES
  dotenv (~> 2.8)
  pry (~> 0.14)
  puma (~> 6.0)
  sinatra (~> 3.0)
  sinatra-cross_origin (~> 0.4)

BUNDLED WITH
   2.6.9
